GEM
  remote: http://rubygems.org/
  specs:
    activesupport (3.2.13)
      i18n (= 0.6.1)
      multi_json (~> 1.0)
    addressable (2.3.4)
    bubble-wrap (1.3.0.osx)
    claide (0.2.0)
    cocoapods (0.19.1)
      activesupport (~> 3.2.13)
      claide (~> 0.2.0)
      cocoapods-core (= 0.19.1)
      cocoapods-downloader (~> 0.1.0)
      colored (~> 1.2)
      escape (~> 0.0.4)
      faraday (~> 0.8.1)
      json (~> 1.7.3)
      octokit (~> 1.7)
      open4 (~> 1.3.0)
      rake (~> 10.0.0)
      xcodeproj (~> 0.5.5)
    cocoapods-core (0.19.1)
      activesupport (~> 3.2.13)
      rake (~> 10.0.0)
    cocoapods-downloader (0.1.0)
    colored (1.2)
    escape (0.0.4)
    faraday (0.8.7)
      multipart-post (~> 1.1)
    faraday_middleware (0.9.0)
      faraday (>= 0.7.4, < 0.9)
    formotion (1.3.1)
      bubble-wrap (>= 1.1.4)
      motion-require (~> 0.0.3)
    hashie (2.0.5)
    i18n (0.6.1)
    i18n_tools (0.1.4)
      ya2yaml
    json (1.7.7)
    motion-cocoapods (1.3.0.rc1)
      cocoapods (>= 0.17.0)
    motion-devices (0.0.1)
    motion-i18n (0.0.2)
      i18n
      motion-require
    motion-require (0.0.6)
    motion-resource (0.1.2)
      bubble-wrap
      motion-support (>= 0.2.3)
    motion-stump (0.2.1)
    motion-support (0.2.4)
      motion-require (>= 0.0.6)
    motion-testflight (1.5)
    multi_json (1.7.3)
    multipart-post (1.2.0)
    netrc (0.7.7)
    octokit (1.24.0)
      addressable (~> 2.2)
      faraday (~> 0.8)
      faraday_middleware (~> 0.9)
      hashie (~> 2.0)
      multi_json (~> 1.3)
      netrc (~> 0.7.7)
    open4 (1.3.0)
    rake (10.0.4)
    teacup (2.0.0)
    webstub (0.3.7)
    xcodeproj (0.5.5)
      activesupport (~> 3.2.13)
      colored (~> 1.2)
    ya2yaml (0.31)

PLATFORMS
  ruby

DEPENDENCIES
  bubble-wrap (= 1.3.0.osx)
  formotion
  i18n_tools
  motion-cocoapods (= 1.3.0.rc1)
  motion-devices
  motion-i18n
  motion-resource
  motion-stump
  motion-support
  motion-testflight
  rake
  teacup
  webstub
