GEM
  remote: http://rubygems.org/
  specs:
    bubble-wrap (1.1.4)
    formotion (1.1.5)
      bubble-wrap (>= 1.1.4)
    motion-testflight (1.4)
    rake (0.9.2.2)
    remote_model (0.0.3)
      bubble-wrap

PLATFORMS
  ruby

DEPENDENCIES
  bubble-wrap
  formotion
  motion-testflight
  rake
  remote_model
